PATH
  remote: .
  specs:
    ruby-lsp-i18n (0.2.1)
      ruby-lsp (~> 0.17.17, < 0.18.0)

GEM
  remote: https://rubygems.org/
  specs:
    ast (2.4.2)
    bump (0.10.0)
    concurrent-ruby (1.3.4)
    erubi (1.13.0)
    i18n (1.14.5)
      concurrent-ruby (~> 1.0)
    json (2.7.2)
    language_server-protocol (3.17.0.3)
    logger (1.6.0)
    minitest (5.25.1)
    netrc (0.11.0)
    parallel (1.26.3)
    parser (3.3.4.2)
      ast (~> 2.4.1)
      racc
    prism (1.0.0)
    racc (1.8.1)
    rainbow (3.1.1)
    rake (13.2.1)
    rbi (0.2.0)
      prism (~> 1.0)
      sorbet-runtime (>= 0.5.9204)
    rbs (3.5.2)
      logger
    regexp_parser (2.9.2)
    rexml (3.3.6)
      strscan
    rubocop (1.65.1)
      json (~> 2.3)
      language_server-protocol (>= 3.17.0)
      parallel (~> 1.10)
      parser (>= 3.3.0.2)
      rainbow (>= 2.2.2, < 4.0)
      regexp_parser (>= 2.4, < 3.0)
      rexml (>= 3.2.5, < 4.0)
      rubocop-ast (>= 1.31.1, < 2.0)
      ruby-progressbar (~> 1.7)
      unicode-display_width (>= 2.4.0, < 3.0)
    rubocop-ast (1.32.1)
      parser (>= 3.3.1.0)
    rubocop-minitest (0.35.1)
      rubocop (>= 1.61, < 2.0)
      rubocop-ast (>= 1.31.1, < 2.0)
    rubocop-rake (0.6.0)
      rubocop (~> 1.0)
    rubocop-shopify (2.15.1)
      rubocop (~> 1.51)
    rubocop-sorbet (0.8.5)
      rubocop (>= 1)
    ruby-lsp (0.17.17)
      language_server-protocol (~> 3.17.0)
      prism (~> 1.0)
      rbs (>= 3, < 4)
      sorbet-runtime (>= 0.5.10782)
    ruby-progressbar (1.13.0)
    sorbet (0.5.11535)
      sorbet-static (= 0.5.11535)
    sorbet-runtime (0.5.11535)
    sorbet-static (0.5.11535-x86_64-linux)
    sorbet-static-and-runtime (0.5.11535)
      sorbet (= 0.5.11535)
      sorbet-runtime (= 0.5.11535)
    spoom (1.4.2)
      erubi (>= 1.10.0)
      prism (>= 0.28.0)
      sorbet-static-and-runtime (>= 0.5.10187)
      thor (>= 0.19.2)
    strscan (3.1.0)
    tapioca (0.16.2)
      bundler (>= 2.2.25)
      netrc (>= 0.11.0)
      parallel (>= 1.21.0)
      rbi (~> 0.2)
      sorbet-static-and-runtime (>= 0.5.11087)
      spoom (>= 1.2.0)
      thor (>= 1.2.0)
      yard-sorbet
    thor (1.3.2)
    unicode-display_width (2.5.0)
    yard (0.9.36)
    yard-sorbet (0.9.0)
      sorbet-runtime
      yard

PLATFORMS
  x86_64-linux

DEPENDENCIES
  bump (~> 0.10.0)
  i18n (~> 1.14)
  minitest (~> 5.0)
  rake (~> 13.0)
  rubocop (~> 1.21)
  rubocop-minitest (~> 0.35.1)
  rubocop-rake (~> 0.6.0)
  rubocop-shopify (~> 2.15)
  rubocop-sorbet (~> 0.8)
  ruby-lsp-i18n!
  sorbet-static-and-runtime
  tapioca

BUNDLED WITH
   2.4.22
