PATH
  remote: .
  specs:
    ruby-lsp-i18n (0.4.1)

GEM
  remote: https://rubygems.org/
  specs:
    ast (2.4.3)
    bump (0.10.0)
    concurrent-ruby (1.3.4)
    erubi (1.13.0)
    i18n (1.14.5)
      concurrent-ruby (~> 1.0)
    json (2.13.0)
    language_server-protocol (3.17.0.5)
    lint_roller (1.1.0)
    logger (1.7.0)
    minitest (5.25.1)
    netrc (0.11.0)
    parallel (1.27.0)
    parser (3.3.8.0)
      ast (~> 2.4.1)
      racc
    prism (1.2.0)
    racc (1.8.1)
    rainbow (3.1.1)
    rake (13.2.1)
    rbi (0.2.0)
      prism (~> 1.0)
      sorbet-runtime (>= 0.5.9204)
    rbs (3.9.4)
      logger
    regexp_parser (2.10.0)
    rubocop (1.74.0)
      json (~> 2.3)
      language_server-protocol (~> 3.17.0.2)
      lint_roller (~> 1.1.0)
      parallel (~> 1.10)
      parser (>= 3.3.0.2)
      rainbow (>= 2.2.2, < 4.0)
      regexp_parser (>= 2.9.3, < 3.0)
      rubocop-ast (>= 1.38.0, < 2.0)
      ruby-progressbar (~> 1.7)
      unicode-display_width (>= 2.4.0, < 4.0)
    rubocop-ast (1.42.0)
      parser (>= 3.3.7.2)
    rubocop-minitest (0.35.1)
      rubocop (>= 1.61, < 2.0)
      rubocop-ast (>= 1.31.1, < 2.0)
    rubocop-rake (0.6.0)
      rubocop (~> 1.0)
    rubocop-shopify (2.17.1)
      rubocop (~> 1.62)
    rubocop-sorbet (0.10.1)
      lint_roller
      rubocop (>= 1)
    ruby-lsp (0.26.0)
      language_server-protocol (~> 3.17.0)
      prism (>= 1.2, < 2.0)
      rbs (>= 3, < 5)
    ruby-progressbar (1.13.0)
    sorbet (0.5.12349)
      sorbet-static (= 0.5.12349)
    sorbet-runtime (0.5.12349)
    sorbet-static (0.5.12349-x86_64-linux)
    sorbet-static-and-runtime (0.5.12349)
      sorbet (= 0.5.12349)
      sorbet-runtime (= 0.5.12349)
    spoom (1.4.2)
      erubi (>= 1.10.0)
      prism (>= 0.28.0)
      sorbet-static-and-runtime (>= 0.5.10187)
      thor (>= 0.19.2)
    tapioca (0.16.2)
      bundler (>= 2.2.25)
      netrc (>= 0.11.0)
      parallel (>= 1.21.0)
      rbi (~> 0.2)
      sorbet-static-and-runtime (>= 0.5.11087)
      spoom (>= 1.2.0)
      thor (>= 1.2.0)
      yard-sorbet
    thor (1.3.2)
    unicode-display_width (3.1.4)
      unicode-emoji (~> 4.0, >= 4.0.4)
    unicode-emoji (4.0.4)
    yard (0.9.36)
    yard-sorbet (0.9.0)
      sorbet-runtime
      yard

PLATFORMS
  x86_64-linux

DEPENDENCIES
  bump (~> 0.10.0)
  i18n (~> 1.14)
  minitest (~> 5.0)
  rake (~> 13.0)
  rubocop (~> 1.21)
  rubocop-minitest (~> 0.35.1)
  rubocop-rake (~> 0.6.0)
  rubocop-shopify (~> 2.15)
  rubocop-sorbet (~> 0.8)
  ruby-lsp (~> 0.26)
  ruby-lsp-i18n!
  sorbet-static
  tapioca

BUNDLED WITH
   2.4.22
